GEM
  remote: https://rubygems.org/
  specs:
    cuba (3.4.0)
      rack
    rack (1.6.0)

PLATFORMS
  ruby

DEPENDENCIES
  cuba
